GEM
  remote: https://rubygems.org/
  specs:
    activemodel (4.2.6)
      activesupport (= 4.2.6)
      builder (~> 3.1)
    activerecord (4.2.6)
      activemodel (= 4.2.6)
      activesupport (= 4.2.6)
      arel (~> 6.0)
    activerecord-jdbc-adapter (1.3.20)
      activerecord (>= 2.2)
    activerecord-jdbcmysql-adapter (1.3.20)
      activerecord-jdbc-adapter (~> 1.3.20)
      jdbc-mysql (>= 5.1.22)
    activesupport (4.2.6)
      i18n (~> 0.7)
      json (~> 1.7, >= 1.7.7)
      minitest (~> 5.1)
      thread_safe (~> 0.3, >= 0.3.4)
      tzinfo (~> 1.1)
    arel (6.0.3)
    builder (3.2.2)
    composite_primary_keys (8.1.3)
      activerecord (~> 4.2.0)
    i18n (0.7.0)
    jdbc-mysql (5.1.38)
    json (1.8.3)
    json (1.8.3-java)
    mini_magick (4.5.1)
    minitest (5.9.0)
    puma (3.5.0-java)
    rack (1.6.4)
    rack-protection (1.5.3)
      rack
    rake (11.2.2)
    sinatra (1.4.7)
      rack (~> 1.5)
      rack-protection (~> 1.4)
      tilt (>= 1.3, < 3)
    sinatra-activerecord (2.0.9)
      activerecord (>= 3.2)
      sinatra (~> 1.0)
    thread_safe (0.3.5)
    thread_safe (0.3.5-java)
    tilt (2.0.5)
    tzinfo (1.2.2)
      thread_safe (~> 0.1)

PLATFORMS
  java
  ruby

DEPENDENCIES
  activerecord
  activerecord-jdbcmysql-adapter
  activesupport
  composite_primary_keys (> 8.0.0)
  mini_magick
  puma
  rake
  sinatra
  sinatra-activerecord

BUNDLED WITH
   1.12.3
